GIT
  remote: https://github.com/adaoraul/rack-jekyll.git
  revision: a997bd0c384fa377cda3b9ebeb462f91cd8dfd03
  specs:
    rack-jekyll (0.5.0)
      jekyll (>= 1.3)
      listen (>= 1.3)
      rack (>= 1.5)

GEM
  remote: https://rubygems.org/
  specs:
    activesupport (5.2.5)
      concurrent-ruby (~> 1.0, >= 1.0.2)
      i18n (>= 0.7, < 2)
      minitest (~> 5.1)
      tzinfo (~> 1.1)
    addressable (2.7.0)
      public_suffix (>= 2.0.2, < 5.0)
    chunky_png (1.4.0)
    colorator (1.1.0)
    compass (1.0.3)
      chunky_png (~> 1.2)
      compass-core (~> 1.0.2)
      compass-import-once (~> 1.0.5)
      rb-fsevent (>= 0.9.3)
      rb-inotify (>= 0.9)
      sass (>= 3.3.13, < 3.5)
    compass-core (1.0.3)
      multi_json (~> 1.0)
      sass (>= 3.3.0, < 3.5)
    compass-import-once (1.0.5)
      sass (>= 3.2, < 3.5)
    concurrent-ruby (1.1.8)
    em-websocket (0.5.2)
      eventmachine (>= 0.12.9)
      http_parser.rb (~> 0.6.0)
    eventmachine (1.2.7)
    execjs (2.7.0)
    extras (0.3.0)
      forwardable-extended (~> 2.5)
    fastimage (2.2.3)
    ffi (1.15.0)
    forwardable-extended (2.6.0)
    http_parser.rb (0.6.0)
    i18n (0.9.5)
      concurrent-ruby (~> 1.0)
    jekyll (3.9.0)
      addressable (~> 2.4)
      colorator (~> 1.0)
      em-websocket (~> 0.5)
      i18n (~> 0.7)
      jekyll-sass-converter (~> 1.0)
      jekyll-watch (~> 2.0)
      kramdown (>= 1.17, < 3)
      liquid (~> 4.0)
      mercenary (~> 0.3.3)
      pathutil (~> 0.9)
      rouge (>= 1.7, < 4)
      safe_yaml (~> 1.0)
    jekyll-assets (3.0.12)
      activesupport (~> 5.0)
      execjs (~> 2.7)
      extras (~> 0.2)
      fastimage (~> 2.0, >= 1.8)
      jekyll (>= 3.5, < 4.0)
      jekyll-sanity (~> 1.2)
      liquid-tag-parser (~> 1.0)
      nokogiri (~> 1.8)
      pathutil (~> 0.16)
      sprockets (>= 3.3, < 4.1.beta)
    jekyll-sanity (1.6.0)
      jekyll (>= 3.1, < 5.0)
      pathutil (~> 0.16)
    jekyll-sass-converter (1.5.2)
      sass (~> 3.4)
    jekyll-watch (2.2.1)
      listen (~> 3.0)
    kramdown (2.3.1)
      rexml
    liquid (4.0.3)
    liquid-tag-parser (1.9.0)
      extras (~> 0.3)
      liquid (>= 3.0, < 5.0)
    listen (3.5.1)
      rb-fsevent (~> 0.10, >= 0.10.3)
      rb-inotify (~> 0.9, >= 0.9.10)
    mercenary (0.3.6)
    minitest (5.14.4)
    multi_json (1.15.0)
    nio4r (2.5.7)
    nokogiri (1.11.5-x86_64-linux)
      racc (~> 1.4)
    pathutil (0.16.2)
      forwardable-extended (~> 2.6)
    public_suffix (4.0.6)
    puma (5.2.2)
      nio4r (~> 2.0)
    pygmentize (0.0.3)
    racc (1.5.2)
    rack (2.2.3)
    rack-contrib (2.3.0)
      rack (~> 2.0)
    rack-rewrite (1.5.1)
    rb-fsevent (0.10.4)
    rb-inotify (0.10.1)
      ffi (~> 1.0)
    rexml (3.2.5)
    rouge (3.26.0)
    safe_yaml (1.0.5)
    sass (3.4.25)
    sprockets (4.0.2)
      concurrent-ruby (~> 1.0)
      rack (> 1, < 3)
    thread_safe (0.3.6)
    tzinfo (1.2.9)
      thread_safe (~> 0.1)

PLATFORMS
  x86_64-linux

DEPENDENCIES
  bundler
  compass
  jekyll
  jekyll-assets
  kramdown (>= 2.3.0)
  puma
  pygmentize
  rack (>= 2.1.4)
  rack-contrib
  rack-jekyll!
  rack-rewrite

BUNDLED WITH
   2.2.15
